PATH
  remote: .
  specs:
    umbrella-coat-check (0.0.2)

GEM
  remote: https://rubygems.org/
  specs:
    curb (0.8.5)
    ox (2.0.9)
    rake (10.1.0)

PLATFORMS
  ruby

DEPENDENCIES
  bundler (~> 1.3)
  curb
  ox
  rake
  umbrella-coat-check!
